GEM
  remote: http://rubygems.org/
  specs:
    actionmailer (2.3.10)
      actionpack (= 2.3.10)
    actionpack (2.3.10)
      activesupport (= 2.3.10)
      rack (~> 1.1.0)
    activerecord (2.3.10)
      activesupport (= 2.3.10)
    activeresource (2.3.10)
      activesupport (= 2.3.10)
    activesupport (2.3.10)
    authlogic (2.1.6)
      activesupport
    builder (3.0.0)
    cgi_multipart_eof_fix (2.5.0)
    daemons (1.1.0)
    diff-lcs (1.1.2)
    factory_girl (1.3.3)
    fakeweb (1.3.0)
    fastercsv (1.5.4)
    fastthread (1.0.7)
    four_bites_aes (1.0.1)
    gem_plugin (0.2.3)
    geoip (1.0.0)
    haml (3.0.25)
    hoptoad_notifier (2.4.5)
      activesupport
      builder
    liquid (2.2.2)
    mongrel (1.1.5)
      cgi_multipart_eof_fix (>= 2.4)
      daemons (>= 1.0.3)
      fastthread (>= 1.0.1)
      gem_plugin (>= 0.2.3)
    mysql (2.8.1)
    nokogiri (1.4.4)
    oauth (0.4.4)
    rack (1.1.0)
    rails (2.3.10)
      actionmailer (= 2.3.10)
      actionpack (= 2.3.10)
      activerecord (= 2.3.10)
      activeresource (= 2.3.10)
      activesupport (= 2.3.10)
      rake (>= 0.8.3)
    rake (0.8.7)
    rspec (2.1.0)
      rspec-core (~> 2.1.0)
      rspec-expectations (~> 2.1.0)
      rspec-mocks (~> 2.1.0)
    rspec-core (2.1.0)
    rspec-expectations (2.1.0)
      diff-lcs (~> 1.1.2)
    rspec-mocks (2.1.0)
    rspec-rails (2.1.0)
      rspec (~> 2.1.0)
    will_paginate (2.3.15)

PLATFORMS
  ruby

DEPENDENCIES
  authlogic
  factory_girl
  fakeweb
  fastercsv
  four_bites_aes
  geoip
  haml
  hoptoad_notifier
  liquid
  mongrel
  mysql
  nokogiri
  oauth
  rails (~> 2.3.8)
  rspec
  rspec-rails
  will_paginate
